PATH
  remote: .
  specs:
    ruby_tdd (0.2.1)

GEM
  remote: https://rubygems.org/
  specs:
    colorize (0.8.1)
    ffi (1.11.1)
    listen (3.2.0)
      rb-fsevent (~> 0.10, >= 0.10.3)
      rb-inotify (~> 0.9, >= 0.9.10)
    rake (13.0.1)
    rb-fsevent (0.10.3)
    rb-inotify (0.10.0)
      ffi (~> 1.0)

PLATFORMS
  ruby

DEPENDENCIES
  bundler (~> 2.0)
  colorize
  listen
  rake (~> 13.0)
  ruby_tdd!

BUNDLED WITH
   2.0.2
